GEM
  remote: https://rubygems.org/
  specs:
    RubyInline (3.12.4)
      ZenTest (~> 4.3)
    ZenTest (4.6.0)
    addressable (2.3.8)
    archive-tar-minitar (0.5.2)
    capybara (2.4.4)
      mime-types (>= 1.16)
      nokogiri (>= 1.3.3)
      rack (>= 1.0.0)
      rack-test (>= 0.5.4)
      xpath (~> 2.0)
    childprocess (0.5.6)
      ffi (~> 1.0, >= 1.0.11)
    columnize (0.9.0)
    couchrest (1.2.0)
      mime-types (~> 1.15)
      multi_json (~> 1.0)
      multi_json (~> 1.0)
      multi_json (~> 1.0)
      multi_json (~> 1.0)
      multi_json (~> 1.0)
      multi_json (~> 1.0)
      multi_json (~> 1.0)
      multi_json (~> 1.0)
      multi_json (~> 1.0)
      multi_json (~> 1.0)
      multi_json (~> 1.0)
      multi_json (~> 1.0)
      multi_json (~> 1.0)
      multi_json (~> 1.0)
      multi_json (~> 1.0)
      multi_json (~> 1.0)
      multi_json (~> 1.0)
      multi_json (~> 1.0)
      multi_json (~> 1.0)
      multi_json (~> 1.0)
      multi_json (~> 1.0)
      multi_json (~> 1.0)
      multi_json (~> 1.0)
      multi_json (~> 1.0)
      multi_json (~> 1.0)
      multi_json (~> 1.0)
      multi_json (~> 1.0)
      multi_json (~> 1.0)
      multi_json (~> 1.0)
      multi_json (~> 1.0)
      multi_json (~> 1.0)
      multi_json (~> 1.0)
      multi_json (~> 1.0)
      multi_json (~> 1.0)
      multi_json (~> 1.0)
      multi_json (~> 1.0)
      multi_json (~> 1.0)
      multi_json (~> 1.0)
      multi_json (~> 1.0)
      multi_json (~> 1.0)
      multi_json (~> 1.0)
      multi_json (~> 1.0)
      multi_json (~> 1.0)
      multi_json (~> 1.0)
      multi_json (~> 1.0)
      multi_json (~> 1.0)
      multi_json (~> 1.0)
      multi_json (~> 1.0)
      multi_json (~> 1.0)
      multi_json (~> 1.0)
      multi_json (~> 1.0)
      multi_json (~> 1.0)
      multi_json (~> 1.0)
      multi_json (~> 1.0)
      multi_json (~> 1.0)
      multi_json (~> 1.0)
      multi_json (~> 1.0)
      multi_json (~> 1.0)
      multi_json (~> 1.0)
      multi_json (~> 1.0)
      multi_json (~> 1.0)
      multi_json (~> 1.0)
      multi_json (~> 1.0)
      multi_json (~> 1.0)
      multi_json (~> 1.0)
      multi_json (~> 1.0)
      multi_json (~> 1.0)
      multi_json (~> 1.0)
      multi_json (~> 1.0)
      multi_json (~> 1.0)
      multi_json (~> 1.0)
      multi_json (~> 1.0)
      multi_json (~> 1.0)
      multi_json (~> 1.0)
      multi_json (~> 1.0)
      multi_json (~> 1.0)
      multi_json (~> 1.0)
      multi_json (~> 1.0)
      multi_json (~> 1.0)
      multi_json (~> 1.0)
      multi_json (~> 1.0)
      multi_json (~> 1.0)
      multi_json (~> 1.0)
      multi_json (~> 1.0)
      multi_json (~> 1.0)
      multi_json (~> 1.0)
      multi_json (~> 1.0)
      multi_json (~> 1.0)
      multi_json (~> 1.0)
      multi_json (~> 1.0)
      multi_json (~> 1.0)
      multi_json (~> 1.0)
      multi_json (~> 1.0)
      multi_json (~> 1.0)
      multi_json (~> 1.0)
      multi_json (~> 1.0)
      multi_json (~> 1.0)
      multi_json (~> 1.0)
      multi_json (~> 1.0)
      multi_json (~> 1.0)
      multi_json (~> 1.0)
      multi_json (~> 1.0)
      multi_json (~> 1.0)
      multi_json (~> 1.0)
      multi_json (~> 1.0)
      multi_json (~> 1.0)
      multi_json (~> 1.0)
      multi_json (~> 1.0)
      multi_json (~> 1.0)
      multi_json (~> 1.0)
      multi_json (~> 1.0)
      multi_json (~> 1.0)
      multi_json (~> 1.0)
      multi_json (~> 1.0)
      multi_json (~> 1.0)
      multi_json (~> 1.0)
      multi_json (~> 1.0)
      multi_json (~> 1.0)
      multi_json (~> 1.0)
      multi_json (~> 1.0)
      multi_json (~> 1.0)
      multi_json (~> 1.0)
      multi_json (~> 1.0)
      multi_json (~> 1.0)
      multi_json (~> 1.0)
      multi_json (~> 1.0)
      multi_json (~> 1.0)
      multi_json (~> 1.0)
      multi_json (~> 1.0)
      multi_json (~> 1.0)
      multi_json (~> 1.0)
      multi_json (~> 1.0)
      multi_json (~> 1.0)
      multi_json (~> 1.0)
      multi_json (~> 1.0)
      multi_json (~> 1.0)
      multi_json (~> 1.0)
      multi_json (~> 1.0)
      multi_json (~> 1.0)
      multi_json (~> 1.0)
      multi_json (~> 1.0)
      multi_json (~> 1.0)
      multi_json (~> 1.0)
      multi_json (~> 1.0)
      multi_json (~> 1.0)
      multi_json (~> 1.0)
      multi_json (~> 1.0)
      multi_json (~> 1.0)
      multi_json (~> 1.0)
      multi_json (~> 1.0)
      multi_json (~> 1.0)
      multi_json (~> 1.0)
      multi_json (~> 1.0)
      multi_json (~> 1.0)
      multi_json (~> 1.0)
      multi_json (~> 1.0)
      multi_json (~> 1.0)
      multi_json (~> 1.0)
      multi_json (~> 1.0)
      multi_json (~> 1.0)
      multi_json (~> 1.0)
      multi_json (~> 1.0)
      multi_json (~> 1.0)
      multi_json (~> 1.0)
      multi_json (~> 1.0)
      multi_json (~> 1.0)
      multi_json (~> 1.0)
      multi_json (~> 1.0)
      multi_json (~> 1.0)
      multi_json (~> 1.0)
      rest-client (~> 1.6.1)
    daemons (1.2.2)
    diff-lcs (1.1.3)
    eventmachine (1.0.7)
    ffi (1.9.8)
    haml (4.0.6)
      tilt
    json (1.8.2)
    launchy (2.4.3)
      addressable (~> 2.3)
    libwebsocket (0.1.8)
      addressable
      websocket
    linecache (0.46)
      rbx-require-relative (> 0.0.4)
    linecache19 (0.5.12)
      ruby_core_source (>= 0.1.4)
    memcache-client (1.8.5)
    mime-types (1.25.1)
    mini_portile (0.6.2)
    multi_json (1.11.0)
    nokogiri (1.6.6.2)
      mini_portile (~> 0.6.0)
    png (1.2.1)
      RubyInline (~> 3.9)
    rack (1.6.0)
    rack-test (0.5.6)
      rack (>= 1.0)
    rake (10.4.2)
    rbx-require-relative (0.0.9)
    rdoc (4.2.0)
      json (~> 1.4)
    rest-client (1.6.8)
      mime-types (~> 1.16)
      rdoc (>= 2.4.2)
    rspec (2.4.0)
      rspec-core (~> 2.4.0)
      rspec-expectations (~> 2.4.0)
      rspec-mocks (~> 2.4.0)
    rspec-core (2.4.0)
    rspec-expectations (2.4.0)
      diff-lcs (~> 1.1.2)
    rspec-mocks (2.4.0)
    ruby-debug (0.10.4)
      columnize (>= 0.1)
      ruby-debug-base (~> 0.10.4.0)
    ruby-debug-base (0.10.4)
      linecache (>= 0.3)
    ruby-debug-base19 (0.11.25)
      columnize (>= 0.3.1)
      linecache19 (>= 0.5.11)
      ruby_core_source (>= 0.1.4)
    ruby-debug19 (0.11.6)
      columnize (>= 0.3.1)
      linecache19 (>= 0.5.11)
      ruby-debug-base19 (>= 0.11.19)
    ruby-openid (2.7.0)
    ruby_core_source (0.1.5)
      archive-tar-minitar (>= 0.5.2)
    rubyzip (1.1.7)
    sass (3.4.13)
    selenium-webdriver (2.22.2)
      childprocess (>= 0.2.5)
      ffi (~> 1.0)
      libwebsocket (~> 0.1.3)
      multi_json (~> 1.0)
      rubyzip
    sinatra (1.2.6)
      rack (~> 1.1)
      tilt (>= 1.2.2, < 2.0)
    thin (1.6.3)
      daemons (~> 1.0, >= 1.0.9)
      eventmachine (~> 1.0)
      rack (~> 1.0)
    tilt (1.4.1)
    websocket (1.2.2)
    xpath (2.0.0)
      nokogiri (~> 1.3)

PLATFORMS
  ruby

DEPENDENCIES
  RubyInline
  ZenTest (<= 4.6.0)
  capybara
  couchrest
  haml
  json
  launchy
  memcache-client
  png
  rack-test (= 0.5.6)
  rake
  rest-client
  rspec (= 2.4.0)
  rspec-core (= 2.4.0)
  rspec-expectations (= 2.4.0)
  rspec-mocks (= 2.4.0)
  ruby-debug
  ruby-debug19
  ruby-openid
  sass
  selenium-webdriver (= 2.22.2)
  sinatra (= 1.2.6)
  thin
